GEM
  remote: https://rubygems.org/
  specs:
    celluloid (0.14.1)
      timers (>= 1.0.0)
    coderay (1.0.9)
    connection_pool (1.1.0)
    em-hiredis (0.2.1)
      hiredis (~> 0.4.0)
    eventmachine (1.0.3)
    faraday (0.8.8)
      multipart-post (~> 1.2.0)
    faye-websocket (0.6.2)
      eventmachine (>= 0.12.0)
      websocket-driver (>= 0.2.0)
    hiredis (0.4.5)
    json (1.8.0)
    method_source (0.8.2)
    multipart-post (1.2.0)
    pry (0.9.12.2)
      coderay (~> 1.0.5)
      method_source (~> 0.8)
      slop (~> 3.4)
    puma (2.4.0)
      rack (>= 1.1, < 2.0)
    rack (1.5.2)
    rack-protection (1.5.0)
      rack
    redis (3.0.4)
    redis-namespace (1.3.0)
      redis (~> 3.0.0)
    sidekiq (2.13.0)
      celluloid (>= 0.14.1)
      connection_pool (>= 1.0.0)
      json
      redis (>= 3.0)
      redis-namespace
    sinatra (1.4.3)
      rack (~> 1.4)
      rack-protection (~> 1.4)
      tilt (~> 1.3, >= 1.3.4)
    slop (3.4.6)
    tilt (1.4.1)
    timers (1.1.0)
    websocket-driver (0.2.1)

PLATFORMS
  ruby

DEPENDENCIES
  em-hiredis
  faraday
  faye-websocket
  json
  pry
  puma
  sidekiq
  sinatra
